PATH
  remote: .
  specs:
    code_ownership (1.28.2)
      code_teams (~> 1.0)
      parse_packwerk
      sorbet-runtime

GEM
  remote: https://rubygems.org/
  specs:
    ast (2.4.2)
    code_teams (1.0.0)
      sorbet-runtime
    coderay (1.1.3)
    diff-lcs (1.4.4)
    method_source (1.0.0)
    parse_packwerk (0.12.0)
      sorbet-runtime
    parser (3.1.2.0)
      ast (~> 2.4.1)
    pry (0.14.1)
      coderay (~> 1.1)
      method_source (~> 1.0)
    rake (13.0.6)
    rbi (0.0.14)
      ast
      parser (>= 2.6.4.0)
      sorbet-runtime (>= 0.5.9204)
      unparser
    rspec (3.10.0)
      rspec-core (~> 3.10.0)
      rspec-expectations (~> 3.10.0)
      rspec-mocks (~> 3.10.0)
    rspec-core (3.10.1)
      rspec-support (~> 3.10.0)
    rspec-expectations (3.10.1)
      diff-lcs (>= 1.2.0, < 2.0)
      rspec-support (~> 3.10.0)
    rspec-mocks (3.10.2)
      diff-lcs (>= 1.2.0, < 2.0)
      rspec-support (~> 3.10.0)
    rspec-support (3.10.2)
    sorbet (0.5.9889)
      sorbet-static (= 0.5.9889)
    sorbet-runtime (0.5.9889)
    sorbet-static (0.5.9889-universal-darwin-20)
    sorbet-static (0.5.9889-universal-darwin-21)
    sorbet-static (0.5.9889-x86_64-linux)
    spoom (1.1.11)
      sorbet (>= 0.5.9204)
      sorbet-runtime (>= 0.5.9204)
      thor (>= 0.19.2)
    tapioca (0.7.2)
      bundler (>= 1.17.3)
      pry (>= 0.12.2)
      rbi (~> 0.0.0, >= 0.0.14)
      sorbet-runtime (>= 0.5.9204)
      sorbet-static (>= 0.5.9204)
      spoom (~> 1.1.0, >= 1.1.11)
      thor (>= 1.2.0)
      yard-sorbet
    thor (1.2.1)
    unparser (0.6.4)
      diff-lcs (~> 1.3)
      parser (>= 3.1.0)
    yard (0.9.36)
    yard-sorbet (0.6.1)
      sorbet-runtime (>= 0.5)
      yard (>= 0.9)

PLATFORMS
  arm64-darwin-20
  arm64-darwin-21
  x86_64-darwin-20
  x86_64-linux

DEPENDENCIES
  code_ownership!
  pry
  rake
  rspec (~> 3.0)
  sorbet
  tapioca

BUNDLED WITH
   2.3.9
